PATH
  remote: .
  specs:
    granicus-platform-api (0.1.7)
      hashie (~> 1.0.0)
      savon (~> 0.9.2)

GEM
  remote: http://rubygems.org/
  specs:
    builder (2.1.2)
    diff-lcs (1.1.2)
    gyoku (0.4.4)
      builder (>= 2.1.2)
    hashie (1.0.0)
    httpi (0.9.4)
      pyu-ntlm-http (>= 0.1.3.1)
      rack
    nokogiri (1.4.4)
    nori (1.0.1)
    pyu-ntlm-http (0.1.3.1)
    rack (1.3.0)
    rspec (2.6.0)
      rspec-core (~> 2.6.0)
      rspec-expectations (~> 2.6.0)
      rspec-mocks (~> 2.6.0)
    rspec-core (2.6.4)
    rspec-expectations (2.6.0)
      diff-lcs (~> 1.1.2)
    rspec-mocks (2.6.0)
    savon (0.9.2)
      builder (>= 2.1.2)
      gyoku (>= 0.4.0)
      httpi (>= 0.7.8)
      nokogiri (>= 1.4.0)
      nori (>= 0.2.0)
    simplecov (0.4.2)
      simplecov-html (~> 0.4.4)
    simplecov-html (0.4.4)

PLATFORMS
  ruby

DEPENDENCIES
  granicus-platform-api!
  hashie (~> 1.0.0)
  rspec (~> 2.6)
  savon (~> 0.9.2)
  simplecov (~> 0.4.0)
